GEM
  remote: http://rubygems.org/
  specs:
    i18n (0.5.0)
    rack (1.2.2)
    sinatra (1.2.0)
      rack (~> 1.1)
      tilt (>= 1.2.2, < 2.0)
    tilt (1.2.2)

PLATFORMS
  ruby

DEPENDENCIES
  i18n
  sinatra
